GEM
  remote: https://rubygems.org/
  specs:
    multi_json (1.14.1)
    paypal-sdk-rest (1.7.4)
      multi_json (~> 1.0)
      xml-simple
    xml-simple (1.1.5)

PLATFORMS
  ruby

DEPENDENCIES
  paypal-sdk-rest

BUNDLED WITH
   2.1.4
